PATH
  remote: .
  specs:
    circleci (0.0.7)
      hashie (~> 2.0.0, >= 2.0.0)
      rest-client (~> 1.6.7, >= 1.6.7)

GEM
  remote: https://rubygems.org/
  specs:
    addressable (2.3.6)
    coderay (1.1.0)
    coveralls (0.7.0)
      multi_json (~> 1.3)
      rest-client
      simplecov (>= 0.7)
      term-ansicolor
      thor
    crack (0.4.2)
      safe_yaml (~> 1.0.0)
    diff-lcs (1.2.5)
    docile (1.1.3)
    dotenv (0.10.0)
    ethon (0.7.0)
      ffi (>= 1.3.0)
    ffi (1.9.3)
    gemcutter (0.7.1)
    hashie (2.0.5)
    method_source (0.8.2)
    mime-types (2.2)
    multi_json (1.9.2)
    pry (0.9.12.6)
      coderay (~> 1.0)
      method_source (~> 0.8)
      slop (~> 3.4)
    rake (10.1.0)
    redcarpet (3.1.1)
    rest-client (1.6.7)
      mime-types (>= 1.16)
    rspec (2.14.1)
      rspec-core (~> 2.14.0)
      rspec-expectations (~> 2.14.0)
      rspec-mocks (~> 2.14.0)
    rspec-core (2.14.8)
    rspec-expectations (2.14.5)
      diff-lcs (>= 1.1.3, < 2.0)
    rspec-mocks (2.14.6)
    safe_yaml (1.0.2)
    simplecov (0.8.2)
      docile (~> 1.1.0)
      multi_json
      simplecov-html (~> 0.8.0)
    simplecov-html (0.8.0)
    slop (3.5.0)
    term-ansicolor (1.3.0)
      tins (~> 1.0)
    thor (0.19.1)
    tins (1.3.0)
    typhoeus (0.6.8)
      ethon (>= 0.7.0)
    vcr (2.9.0)
    webmock (1.17.4)
      addressable (>= 2.2.7)
      crack (>= 0.3.2)
    yard (0.8.7.4)

PLATFORMS
  ruby

DEPENDENCIES
  circleci!
  coveralls (~> 0.7.0, >= 0.7.0)
  dotenv (~> 0.10.0, >= 0.10.0)
  gemcutter (~> 0.7.1, >= 0.7.1)
  pry (~> 0.9.12, >= 0.9.12.6)
  rake (~> 10.1.0, >= 10.1.0)
  redcarpet (~> 3.1.0, >= 3.1.0)
  rspec (~> 2.14.1, >= 2.14.1)
  simplecov (~> 0.8.2, >= 0.8.2)
  typhoeus (~> 0.6.8, >= 0.6.8)
  vcr (~> 2.9.0, >= 2.9.0)
  webmock (~> 1.17.4, >= 1.17.4)
  yard (~> 0.8.7, >= 0.8.7.4)
